NUGET
  remote: https://www.nuget.org/api/v2
    FAKE (4.50)
    FSharp.Core (4.0.0.1) - framework: >= net45
    jQuery (1.6.4) - framework: >= net45
    Microsoft.AspNet.SignalR (2.2.1) - framework: >= net45
      Microsoft.AspNet.SignalR.JS (>= 2.2.1)
      Microsoft.AspNet.SignalR.SystemWeb (>= 2.2.1)
    Microsoft.AspNet.SignalR.Core (2.2.1) - framework: >= net45
      Microsoft.Owin (>= 2.1)
      Microsoft.Owin.Security (>= 2.1)
      Newtonsoft.Json (>= 6.0.4)
      Owin (>= 1.0)
    Microsoft.AspNet.SignalR.JS (2.2.1) - framework: >= net45
      jQuery (>= 1.6.4)
    Microsoft.AspNet.SignalR.SystemWeb (2.2.1) - framework: >= net45
      Microsoft.AspNet.SignalR.Core (>= 2.2.1)
      Microsoft.Owin.Host.SystemWeb (>= 2.1)
    Microsoft.Owin (2.1) - framework: >= net45
      Owin (>= 1.0)
    Microsoft.Owin.Host.SystemWeb (2.1) - framework: >= net45
      Microsoft.Owin (>= 2.1) - framework: >= net40
      Owin (>= 1.0) - framework: >= net40
    Microsoft.Owin.Security (2.1) - framework: >= net45
      Microsoft.Owin (>= 2.1)
      Owin (>= 1.0)
    Newtonsoft.Json (6.0.4) - framework: >= net45
    Node.js (5.3)
    Npm.js (2.13.1)
      Node.js (>= 0.12.7)
    NuGet.CommandLine (3.5)
    Owin (1.0) - framework: >= net45
    Suave (2.0.2) - framework: >= net45
